GEM
  remote: https://rubygems.org/
  specs:
    coderay (1.0.7)
    diff-lcs (1.1.3)
    json (1.7.5)
    json (1.7.5-java)
    method_source (0.8)
    nokogiri (1.5.5)
    nokogiri (1.5.5-java)
    pry (0.9.10)
      coderay (~> 1.0.5)
      method_source (~> 0.8)
      slop (~> 3.3.1)
    pry (0.9.10-java)
      coderay (~> 1.0.5)
      method_source (~> 0.8)
      slop (~> 3.3.1)
      spoon (~> 0.0)
    rspec (2.11.0)
      rspec-core (~> 2.11.0)
      rspec-expectations (~> 2.11.0)
      rspec-mocks (~> 2.11.0)
    rspec-core (2.11.1)
    rspec-expectations (2.11.3)
      diff-lcs (~> 1.1.3)
    rspec-mocks (2.11.3)
    slop (3.3.3)
    spoon (0.0.1)
    term-ansicolor (1.0.7)

PLATFORMS
  java
  ruby

DEPENDENCIES
  json
  nokogiri
  pry
  rspec
  term-ansicolor
