PATH
  remote: .
  specs:
    catasta (0.0.2)
      json (~> 1.7.5)
      nokogiri (~> 1.5.5)
      parslet (~> 1.4.0)
      term-ansicolor (~> 1.0.7)

GEM
  remote: https://rubygems.org/
  specs:
    blankslate (2.1.2.4)
    diff-lcs (1.1.3)
    json (1.7.7)
    nokogiri (1.5.9)
    parslet (1.4.0)
      blankslate (~> 2.0)
    rspec (2.12.0)
      rspec-core (~> 2.12.0)
      rspec-expectations (~> 2.12.0)
      rspec-mocks (~> 2.12.0)
    rspec-core (2.12.0)
    rspec-expectations (2.12.0)
      diff-lcs (~> 1.1.3)
    rspec-mocks (2.12.0)
    term-ansicolor (1.0.7)

PLATFORMS
  java
  ruby

DEPENDENCIES
  catasta!
  rspec (~> 2.12.0)
